GEM
  remote: https://rubygems.org/
  specs:
    aws-sdk (2.10.96)
      aws-sdk-resources (= 2.10.96)
    aws-sdk-core (2.10.96)
      aws-sigv4 (~> 1.0)
      jmespath (~> 1.0)
    aws-sdk-resources (2.10.96)
      aws-sdk-core (= 2.10.96)
    aws-sigv4 (1.0.2)
    jmespath (1.3.1)
    lsst-git-lfs-s3 (0.3.4)
      aws-sdk (~> 2)
      multi_json (~> 1)
      sinatra (~> 1)
    multi_json (1.12.2)
    rack (1.6.8)
    rack-protection (1.5.3)
      rack
    sinatra (1.4.8)
      rack (~> 1.5)
      rack-protection (~> 1.4)
      tilt (>= 1.3, < 3)
    tilt (2.0.8)

PLATFORMS
  ruby

DEPENDENCIES
  lsst-git-lfs-s3

RUBY VERSION
   ruby 2.2.2p95

BUNDLED WITH
   1.15.1
