GEM
  remote: https://rubygems.org/
  specs:
    aws-sdk (2.2.18)
      aws-sdk-resources (= 2.2.18)
    aws-sdk-core (2.2.18)
      jmespath (~> 1.0)
    aws-sdk-resources (2.2.18)
      aws-sdk-core (= 2.2.18)
    git-lfs-s3 (0.1.1)
      aws-sdk (~> 2)
      multi_json
      sinatra
    jmespath (1.1.3)
    multi_json (1.11.2)
    rack (1.6.4)
    rack-protection (1.5.3)
      rack
    sinatra (1.4.7)
      rack (~> 1.5)
      rack-protection (~> 1.4)
      tilt (>= 1.3, < 3)
    tilt (2.0.2)

PLATFORMS
  ruby

DEPENDENCIES
  git-lfs-s3

BUNDLED WITH
   1.10.6
